PATH
  remote: .
  specs:
    cginatra (0.0.1)
      rack (= 1.5.2)

GEM
  remote: https://rubygems.org/
  specs:
    rack (1.5.2)

PLATFORMS
  ruby

DEPENDENCIES
  cginatra!
